GEM
  remote: http://rubygems.org/
  specs:
    coffee-script (2.2.0)
      coffee-script-source
      execjs
    coffee-script-source (1.1.2)
    execjs (1.2.9)
      multi_json (~> 1.0)
    ffi (1.0.11)
    git (1.2.5)
    growl (1.0.3)
    guard (1.0.0)
      ffi (>= 0.5.0)
      thor (~> 0.14.6)
    guard-jasmine-headless-webkit (0.3.2)
      guard (>= 0.4.0)
      jasmine-headless-webkit (>= 0.7.0)
    jasmine-core (1.2.0.rc1)
    jasmine-headless-webkit (0.7.1)
      coffee-script (>= 2.2)
      jasmine-core (~> 1.1.beta)
      multi_json
      rainbow
    js_rake_tasks (0.0.3)
      git (~> 1.2.5)
      json_pure (~> 1.6.1)
      semver (~> 1.0.1)
    json_pure (1.6.5)
    multi_json (1.0.3)
    rainbow (1.1.1)
    rake (0.8.7)
    rb-fsevent (0.9.0)
    semver (1.0.1)
    thor (0.14.6)

PLATFORMS
  ruby

DEPENDENCIES
  growl
  guard-jasmine-headless-webkit
  jasmine-headless-webkit
  js_rake_tasks
  rake
  rb-fsevent
